GEM
  remote: https://rubygems.org/
  specs:
    diff-lcs (1.2.3)
    foreman (0.62.0)
      thor (>= 0.13.6)
    foreman (0.62.0-java)
      posix-spawn (~> 0.3.6)
      thor (>= 0.13.6)
    geoip (1.2.1)
    geoip-db (2013.05)
      geoip
    posix-spawn (0.3.6)
    puma (1.6.3)
      rack (~> 1.2)
    puma (1.6.3-java)
      rack (~> 1.2)
    rack (1.5.2)
    rack-test (0.6.2)
      rack (>= 1.0)
    rspec (2.13.0)
      rspec-core (~> 2.13.0)
      rspec-expectations (~> 2.13.0)
      rspec-mocks (~> 2.13.0)
    rspec-core (2.13.1)
    rspec-expectations (2.13.0)
      diff-lcs (>= 1.1.3, < 2.0)
    rspec-mocks (2.13.1)
    thor (0.18.1)

PLATFORMS
  java
  ruby

DEPENDENCIES
  foreman
  geoip-db
  puma
  rack
  rack-test
  rspec
